GEM
  remote: https://rubygems.org/
  specs:
    actionmailer (4.0.10)
      actionpack (= 4.0.10)
      mail (~> 2.5, >= 2.5.4)
    actionpack (4.0.10)
      activesupport (= 4.0.10)
      builder (~> 3.1.0)
      erubis (~> 2.7.0)
      rack (~> 1.5.2)
      rack-test (~> 0.6.2)
    activemodel (4.0.10)
      activesupport (= 4.0.10)
      builder (~> 3.1.0)
    activerecord (4.0.10)
      activemodel (= 4.0.10)
      activerecord-deprecated_finders (~> 1.0.2)
      activesupport (= 4.0.10)
      arel (~> 4.0.0)
    activerecord-deprecated_finders (1.0.3)
    activesupport (4.0.10)
      i18n (~> 0.6, >= 0.6.9)
      minitest (~> 4.2)
      multi_json (~> 1.3)
      thread_safe (~> 0.1)
      tzinfo (~> 0.3.37)
    arel (4.0.2)
    builder (3.1.4)
    chunky_png (1.3.1)
    coffee-rails (4.0.1)
      coffee-script (>= 2.2.0)
      railties (>= 4.0.0, < 5.0)
    coffee-script (2.3.0)
      coffee-script-source
      execjs
    coffee-script-source (1.8.0)
    daemons (1.1.9)
    diff-lcs (1.2.5)
    erubis (2.7.0)
    eventmachine (1.0.3)
    execjs (2.2.1)
    factory_girl (3.4.2)
      activesupport (>= 3.0.0)
    factory_girl_rails (3.4.0)
      factory_girl (~> 3.4.0)
      railties (>= 3.0.0)
    hike (1.2.3)
    i18n (0.6.11)
    jquery-rails (3.1.2)
      railties (>= 3.0, < 5.0)
      thor (>= 0.14, < 2.0)
    json (1.8.1)
    mail (2.6.1)
      mime-types (>= 1.16, < 3)
    mime-types (2.3)
    minitest (4.7.5)
    multi_json (1.10.1)
    rack (1.5.2)
    rack-test (0.6.2)
      rack (>= 1.0)
    rails (4.0.10)
      actionmailer (= 4.0.10)
      actionpack (= 4.0.10)
      activerecord (= 4.0.10)
      activesupport (= 4.0.10)
      bundler (>= 1.3.0, < 2.0)
      railties (= 4.0.10)
      sprockets-rails (~> 2.0)
    railties (4.0.10)
      actionpack (= 4.0.10)
      activesupport (= 4.0.10)
      rake (>= 0.8.7)
      thor (>= 0.18.1, < 2.0)
    rake (10.3.2)
    rspec-activemodel-mocks (1.0.1)
      activemodel (>= 3.0)
      activesupport (>= 3.0)
      rspec-mocks (>= 2.99, < 4.0)
    rspec-core (3.1.4)
      rspec-support (~> 3.1.0)
    rspec-expectations (3.1.1)
      diff-lcs (>= 1.2.0, < 2.0)
      rspec-support (~> 3.1.0)
    rspec-mocks (3.1.1)
      rspec-support (~> 3.1.0)
    rspec-rails (3.1.0)
      actionpack (>= 3.0)
      activesupport (>= 3.0)
      railties (>= 3.0)
      rspec-core (~> 3.1.0)
      rspec-expectations (~> 3.1.0)
      rspec-mocks (~> 3.1.0)
      rspec-support (~> 3.1.0)
    rspec-support (3.1.0)
    sass (3.2.19)
    sass-rails (4.0.3)
      railties (>= 4.0.0, < 5.0)
      sass (~> 3.2.0)
      sprockets (~> 2.8, <= 2.11.0)
      sprockets-rails (~> 2.0)
    serialport (1.3.1)
    sprockets (2.11.0)
      hike (~> 1.2)
      multi_json (~> 1.0)
      rack (~> 1.0)
      tilt (~> 1.1, != 1.3.0)
    sprockets-rails (2.1.4)
      actionpack (>= 3.0)
      activesupport (>= 3.0)
      sprockets (~> 2.8)
    sqlite3 (1.3.9)
    thin (1.6.2)
      daemons (>= 1.0.9)
      eventmachine (>= 1.0.0)
      rack (>= 1.0.0)
    thor (0.19.1)
    thread_safe (0.3.4)
    tilt (1.4.1)
    tzinfo (0.3.41)
    uglifier (2.5.3)
      execjs (>= 0.3.0)
      json (>= 1.8.0)

PLATFORMS
  ruby

DEPENDENCIES
  chunky_png (>= 1.2.8)
  coffee-rails (~> 4.0.0)
  factory_girl_rails (~> 3.4.0)
  jquery-rails
  rails (~> 4.0.0)
  rspec-activemodel-mocks
  rspec-rails (~> 3.0)
  sass-rails (~> 4.0.0)
  serialport (>= 1.0.4)
  sqlite3
  thin
  uglifier (>= 1.3.0)
